GIT
  remote: git://github.com/thoughtbot/shoulda.git
  revision: 15e36eb
  specs:
    shoulda (2.11.3)

PATH
  remote: .
  specs:
    spree (0.30.0.beta1)
      spree_api (= 0.30.0.beta1)
      spree_core (= 0.30.0.beta1)
      spree_dashboard (= 0.30.0.beta1)
      spree_payment_gateway (= 0.30.0.beta1)
      spree_promotions (= 0.30.0.beta1)
      spree_sample (= 0.30.0.beta1)
    spree_api (0.30.0.beta1)
      spree_core (= 0.30.0.beta1)
    spree_core (0.30.0.beta1)
      activemerchant (>= 1.7.1)
      activerecord-tableless (>= 0.1.0)
      acts_as_list (>= 0.1.2)
      authlogic (>= 2.1.5)
      bundler (>= 0.9.26)
      faker (>= 0.3.1)
      highline (>= 1.5.1)
      less (>= 1.2.20)
      paperclip (>= 2.3.1.1)
      rails (>= 3.0.0.rc)
      rd_awesome_nested_set (>= 1.4.4)
      rd_resource_controller
      rd_searchlogic
      rd_stump (>= 0.0.2)
      rd_unobtrusive_date_picker (>= 0.1.0)
      state_machine (>= 0.9.4)
      stringex (>= 1.0.3)
      will_paginate (>= 3.0.pre)
    spree_dashboard (0.30.0.beta1)
      spree_core (= 0.30.0.beta1)
    spree_payment_gateway (0.30.0.beta1)
      spree_core (= 0.30.0.beta1)
    spree_promotions (0.30.0.beta1)
      spree_core (= 0.30.0.beta1)
    spree_sample (0.30.0.beta1)
      spree_core (= 0.30.0.beta1)

GEM
  remote: http://rubygems.org/
  specs:
    abstract (1.0.0)
    actionmailer (3.0.0.rc)
      actionpack (= 3.0.0.rc)
      mail (~> 2.2.5)
    actionpack (3.0.0.rc)
      activemodel (= 3.0.0.rc)
      activesupport (= 3.0.0.rc)
      builder (~> 2.1.2)
      erubis (~> 2.6.6)
      i18n (~> 0.4.1)
      rack (~> 1.2.1)
      rack-mount (~> 0.6.9)
      rack-test (~> 0.5.4)
      tzinfo (~> 0.3.22)
    activemerchant (1.7.1)
      activesupport (>= 2.3.2)
      braintree (>= 2.0.0)
      builder (>= 2.0.0)
    activemodel (3.0.0.rc)
      activesupport (= 3.0.0.rc)
      builder (~> 2.1.2)
      i18n (~> 0.4.1)
    activerecord (3.0.0.rc)
      activemodel (= 3.0.0.rc)
      activesupport (= 3.0.0.rc)
      arel (~> 0.4.0)
      tzinfo (~> 0.3.22)
    activerecord-tableless (0.1.0)
      activerecord
    activeresource (3.0.0.rc)
      activemodel (= 3.0.0.rc)
      activesupport (= 3.0.0.rc)
    activesupport (3.0.0.rc)
    acts_as_list (0.1.2)
    arel (0.4.0)
      activesupport (>= 3.0.0.beta)
    authlogic (2.1.5)
      activesupport
    braintree (2.4.0)
      builder
    builder (2.1.2)
    columnize (0.3.1)
    erubis (2.6.6)
      abstract (>= 1.0.0)
    factory_girl (1.3.2)
    factory_girl_rails (1.0)
      factory_girl (~> 1.3)
      rails (>= 3.0.0.beta4)
    faker (0.3.1)
    highline (1.6.1)
    i18n (0.4.1)
    less (1.2.21)
      mutter (>= 0.4.2)
      treetop (>= 1.4.2)
    linecache (0.43)
    mail (2.2.5)
      activesupport (>= 2.3.6)
      mime-types
      treetop (>= 1.4.5)
    mime-types (1.16)
    mutter (0.5.3)
    mysql (2.8.1)
    paperclip (2.3.3)
      activerecord
      activesupport
    polyglot (0.3.1)
    rack (1.2.1)
    rack-mount (0.6.9)
      rack (>= 1.0.0)
    rack-test (0.5.4)
      rack (>= 1.0)
    rails (3.0.0.rc)
      actionmailer (= 3.0.0.rc)
      actionpack (= 3.0.0.rc)
      activerecord (= 3.0.0.rc)
      activeresource (= 3.0.0.rc)
      activesupport (= 3.0.0.rc)
      bundler (>= 1.0.0.rc.1)
      railties (= 3.0.0.rc)
    railties (3.0.0.rc)
      actionpack (= 3.0.0.rc)
      activesupport (= 3.0.0.rc)
      rake (>= 0.8.3)
      thor (~> 0.14.0)
    rake (0.8.7)
    rd_awesome_nested_set (1.4.4)
      activerecord (>= 1.1)
    rd_resource_controller (1.0.0.rc)
    rd_searchlogic (3.0.0.rc)
      activerecord (>= 3.0.0.beta4)
    rd_stump (0.0.2)
    rd_unobtrusive_date_picker (0.1.0)
    rdoc (2.2.0)
    ruby-debug (0.10.3)
      columnize (>= 0.1)
      ruby-debug-base (~> 0.10.3.0)
    ruby-debug-base (0.10.3)
      linecache (>= 0.3)
    spork (0.8.4)
    sqlite3-ruby (1.3.1)
    state_machine (0.9.4)
    stringex (1.1.0)
    thor (0.14.0)
    treetop (1.4.8)
      polyglot (>= 0.3.1)
    tzinfo (0.3.22)
    will_paginate (3.0.pre2)

PLATFORMS
  ruby

DEPENDENCIES
  factory_girl_rails (>= 1.0.0)
  faker
  mysql
  rdoc (= 2.2)
  ruby-debug
  shoulda!
  spork
  spree!
  sqlite3-ruby
